PATH
  remote: .
  specs:
    coingecko_ruby (0.1.0)

GEM
  remote: https://rubygems.org/
  specs:
    addressable (2.6