PATH
  remote: .
  specs:
    coingecko_ruby (0.1.0)

GEM
  remo